GEM
  remote: https://rubygems.org/
  specs:
    backports (3.23.0)
    bcrypt (3.1.18)
    daemons (1.4.1)
    dotenv (2.7.6)
    erubis (2.7.0)
    eventmachine (1.2.7)
    multi_json (1.15.0)
    pg (1.4.1)
    rack (1.6.13)
    rack-protection (1.5.5)
      rack
    rack-test (2.0.2)
      rack (>= 1.3)
    sinatra (1.4.8)
      rack (~> 1.5)
      rack-protection (~> 1.4)
      tilt (>= 1.3, < 3)
    sinatra-contrib (1.4.7)
      backports (>= 2.0)
      multi_json
      rack-protection
      rack-test
      sinatra (~> 1.4.0)
      tilt (>= 1.3, < 3)
    thin (1.8.1)
      daemons (~> 1.0, >= 1.0.9)
      eventmachine (~> 1.0, >= 1.0.4)
      rack (>= 1, < 3)
    tilt (2.0.11)

PLATFORMS
  x86_64-darwin-21

DEPENDENCIES
  bcrypt
  dotenv
  erubis
  pg
  sinatra (~> 1.4.7)
  sinatra-contrib
  thin

RUBY VERSION
   ruby 3.1.1p18

BUNDLED WITH
   2.3.12
